PATH
  remote: .
  specs:
    rulers (0.1.0)
      rack

GEM
  remote: https://rubygems.org/
  specs:
    rack (3.0.3)
    rack-test (2.0.2)
      rack (>= 1.3)
    rake (10.5.0)

PLATFORMS
  ruby

DEPENDENCIES
  bundler (~> 1.17)
  rack-test
  rake (~> 10.0)
  rulers!

BUNDLED WITH
   1.17.3
