PATH
  remote: ../rulers
  specs:
    rulers (0.1.0)
      pry
      rack

GEM
  remote: http://rubygems.org/
  specs:
    coderay (1.1.3)
    method_source (1.0.0)
    pry (0.14.1)
      coderay (~> 1.1)
      method_source (~> 1.0)
    rack (3.0.3)
    rackup (0.2.3)
      rack (>= 3.0.0.beta1)
      webrick
    webrick (1.7.0)

PLATFORMS
  ruby

DEPENDENCIES
  rackup
  rulers!

BUNDLED WITH
   1.17.3
