PATH
  remote: ../rulers
  specs:
    rulers (0.1.0)
      erubis
      multi_json
      pry
      rack

GEM
  remote: http://rubygems.org/
  specs:
    coderay (1.1.3)
    erubis (2.7.0)
    ffi (1.15.5)
    listen (3.7.1)
      rb-fsevent (~> 0.10, >= 0.10.3)
      rb-inotify (~> 0.9, >= 0.9.10)
    method_source (1.0.0)
    multi_json (1.15.0)
    pry (0.14.1)
      coderay (~> 1.1)
      method_source (~> 1.0)
    rack (3.0.3)
    rackup (0.2.3)
      rack (>= 3.0.0.beta1)
      webrick
    rb-fsevent (0.11.2)
    rb-inotify (0.10.1)
      ffi (~> 1.0)
    rerun (0.13.1)
      listen (~> 3.0)
    webrick (1.7.0)

PLATFORMS
  ruby

DEPENDENCIES
  rackup
  rerun
  rulers!

BUNDLED WITH
   1.17.3
